GEM
  remote: https://rubygems.org/
  specs:
    bitarray (1.2.0)

PLATFORMS
  x64-mingw32

DEPENDENCIES
  bitarray

BUNDLED WITH
   2.0.2
